GEM
  remote: https://rubygems.org/
  specs:
    coderay (1.1.0)
    highline (1.7.8)
    i18n (0.7.0)
    method_source (0.8.2)
    monetize (1.3.1)
      money (~> 6.6)
    money (6.6.1)
      i18n (>= 0.6.4, <= 0.7.0)
    power_assert (0.2.6)
    pry (0.10.3)
      coderay (~> 1.1.0)
      method_source (~> 0.8.1)
      slop (~> 3.4)
    slop (3.6.0)
    test-unit (3.1.5)
      power_assert

PLATFORMS
  ruby

DEPENDENCIES
  highline
  monetize
  pry
  test-unit

BUNDLED WITH
   1.10.6
